GEM
  remote: https://rubygems.org/
  specs:
    backports (3.17.2)
    connection_pool (2.2.2)
    dotenv (2.7.1)
    faraday (0.15.4)
      multipart-post (>= 1.2, < 3)
    json (2.2.0)
    multi_json (1.14.1)
    multipart-post (2.0.0)
    mustermann (1.1.1)
      ruby2_keywords (~> 0.0.1)
    net-http-persistent (3.0.0)
      connection_pool (~> 2.2)
    rack (2.2.3)
    rack-protection (2.0.8.1)
      rack
    rake (12.3.2)
    ruby-debug-ide (0.6.1)
      rake (>= 0.8.1)
    ruby2_keywords (0.0.2)
    sinatra (2.0.8.1)
      mustermann (~> 1.0)
      rack (~> 2.0)
      rack-protection (= 2.0.8.1)
      tilt (~> 2.0)
    sinatra-contrib (2.0.8.1)
      backports (>= 2.8.2)
      multi_json
      mustermann (~> 1.0)
      rack-protection (= 2.0.8.1)
      sinatra (= 2.0.8.1)
      tilt (~> 2.0)
    sinatra-reloader (1.0)
      sinatra-contrib
    stripe (4.9.0)
      faraday (~> 0.13)
      net-http-persistent (~> 3.0)
    tilt (2.0.10)

PLATFORMS
  ruby

DEPENDENCIES
  dotenv
  json
  ruby-debug-ide
  sinatra (>= 2.0.5)
  sinatra-reloader (>= 1.0)
  stripe

BUNDLED WITH
   1.17.3
