GEM
  remote: https://rubygems.org/
  specs:
    connection_pool (2.2.2)
    dotenv (2.7.1)
    faraday (0.15.4)
      multipart-post (>= 1.2, < 3)
    json (2.2.0)
    multi_json (1.15.0)
    multipart-post (2.0.0)
    mustermann (3.0.0)
      ruby2_keywords (~> 0.0.1)
    net-http-persistent (3.0.0)
      connection_pool (~> 2.2)
    rack (2.2.4)
    rack-protection (3.0.2)
      rack
    rake (12.3.2)
    ruby-debug-ide (0.6.1)
      rake (>= 0.8.1)
    ruby2_keywords (0.0.5)
    sinatra (3.0.2)
      mustermann (~> 3.0)
      rack (~> 2.2, >= 2.2.4)
      rack-protection (= 3.0.2)
      tilt (~> 2.0)
    sinatra-contrib (3.0.2)
      multi_json
      mustermann (~> 3.0)
      rack-protection (= 3.0.2)
      sinatra (= 3.0.2)
      tilt (~> 2.0)
    sinatra-reloader (1.0)
      sinatra-contrib
    stripe (4.9.0)
      faraday (~> 0.13)
      net-http-persistent (~> 3.0)
    tilt (2.0.11)

PLATFORMS
  ruby

DEPENDENCIES
  dotenv
  json
  ruby-debug-ide
  sinatra
  sinatra-reloader
  stripe

BUNDLED WITH
   2.1.4
